GEM
  remote: https://rubygems.org/
  specs:
    faraday (0.9.2)
      multipart-post (>= 1.2, < 3)
    multipart-post (2.0.0)
    oj (2.17.4)
    oj_mimic_json (1.0.1)

PLATFORMS
  ruby

DEPENDENCIES
  faraday
  oj
  oj_mimic_json

RUBY VERSION
   ruby 2.3.1p112

BUNDLED WITH
   1.13.5
